GEM
  remote: https://rubygems.org/
  specs:
    sequel (4.41.0)

PLATFORMS
  ruby

DEPENDENCIES
  sequel

BUNDLED WITH
   1.13.6
